PATH
  remote: .
  specs:
    devcamp_view_tool (0.1.2)

GEM
  remote: https://rubygems.org/
  specs:
    rake (10.5.0)

PLATFORMS
  ruby

DEPENDENCIES
  bundler (~> 1.17)
  devcamp_view_tool!
  rake (~> 10.0)

BUNDLED WITH
   1.17.2
