PATH
  remote: .
  specs:
    devcamp_view_tool (0.2.3)

GEM
  remote: https://rubygems.org/
  specs:
    rake (13.0.1)

PLATFORMS
  ruby

DEPENDENCIES
  bundler (~> 1.17)
  devcamp_view_tool!
  rake (~> 13.0)

BUNDLED WITH
   1.17.2
